GEM
  remote: https://rubygems.org/
  specs:
    rack (2.0.7)
    sqlite3 (1.4.1)

PLATFORMS
  ruby

DEPENDENCIES
  rack (~> 2.0)
  sqlite3 (~> 1.4)

BUNDLED WITH
   2.0.1
